GEM
  remote: https://rubygems.org/
  specs:
    addressable (2.8.6)
      public_suffix (>= 2.0.2, < 6.0)
    ansi (1.5.0)
    ast (2.4.2)
    awesome_print (1.9.2)
    bcrypt_pbkdf (1.1.1)
    codecov (0.6.0)
      simplecov (>= 0.15, < 0.22)
    coderay (1.1.3)
    concurrent-ruby (1.3.1)
    deep_merge (1.2.2)
    dependency_checker (0.3.0)
      parallel
      puppet_forge (>= 2.2, < 4.0)
      rake (~> 13.0)
      semantic_puppet (~> 1.0)
    diff-lcs (1.5.1)
    docile (1.4.0)
    domain_name (0.6.20240107)
    ed25519 (1.3.0)
    facter (4.7.0)
      hocon (~> 1.3)
      thor (>= 1.0.1, < 1.3)
    facterdb (1.27.0)
      facter (< 5.0.0)
      jgrep (~> 1.5, >= 1.5.4)
    faker (3.4.1)
      i18n (>= 1.8.11, < 2)
    faraday (1.10.3)
      faraday-em_http (~> 1.0)
      faraday-em_synchrony (~> 1.0)
      faraday-excon (~> 1.1)
      faraday-httpclient (~> 1.0)
      faraday-multipart (~> 1.0)
      faraday-net_http (~> 1.0)
      faraday-net_http_persistent (~> 1.0)
      faraday-patron (~> 1.0)
      faraday-rack (~> 1.0)
      faraday-retry (~> 1.0)
      ruby2_keywords (>= 0.0.4)
    faraday-em_http (1.0.0)
    faraday-em_synchrony (1.0.0)
    faraday-excon (1.1.0)
    faraday-httpclient (1.0.1)
    faraday-multipart (1.0.4)
      multipart-post (~> 2)
    faraday-net_http (1.0.1)
    faraday-net_http_persistent (1.2.0)
    faraday-patron (1.0.0)
    faraday-rack (1.0.0)
    faraday-retry (1.0.3)
    faraday_middleware (1.2.0)
      faraday (~> 1.0)
    fast_gettext (2.4.0)
      prime
    forwardable (1.3.3)
    hiera (3.12.0)
    hirb (0.7.3)
    hocon (1.4.0)
    http-accept (1.7.0)
    http-cookie (1.0.5)
      domain_name (~> 0.5)
    i18n (1.14.5)
      concurrent-ruby (~> 1.0)
    jgrep (1.5.4)
    json-schema (4.3.0)
      addressable (>= 2.8)
    librarian-puppet (5.0.0)
      librarianp (>= 0.6.3)
      puppet_forge (>= 2.1, < 5)
      rsync
    librarianp (1.1.2)
      thor (~> 1.0)
    locale (2.1.4)
    metaclass (0.0.4)
    metadata-json-lint (3.0.3)
      json-schema (>= 2.8, < 5.0)
      spdx-licenses (~> 1.0)
    method_source (1.1.0)
    mime-types (3.5.2)
      mime-types-data (~> 3.2015)
    mime-types-data (3.2024.0507)
    minitar (0.9)
    mocha (1.1.0)
      metaclass (~> 0.0.1)
    multi_json (1.15.0)
    multipart-post (2.4.1)
    net-scp (4.0.0)
      net-ssh (>= 2.6.5, < 8.0.0)
    net-ssh (7.2.3)
    net-telnet (0.1.1)
    netrc (0.11.0)
    parallel (1.24.0)
    parallel_tests (3.13.0)
      parallel
    parser (3.3.1.0)
      ast (~> 2.4.1)
      racc
    pathspec (1.0.0)
    pluginator (1.5.0)
    prime (0.1.2)
      forwardable
      singleton
    pry (0.14.2)
      coderay (~> 1.1)
      method_source (~> 1.0)
    public_suffix (5.0.5)
    puppet (7.30.0)
      concurrent-ruby (~> 1.0)
      deep_merge (~> 1.0)
      facter (> 2.0.1, < 5)
      fast_gettext (>= 1.1, < 3)
      hiera (>= 3.2.1, < 4)
      locale (~> 2.1)
      multi_json (~> 1.10)
      puppet-resource_api (~> 1.5)
      scanf (~> 1.0)
      semantic_puppet (~> 1.0)
    puppet-blacksmith (6.1.1)
      puppet-modulebuilder (~> 0.2)
      rest-client (~> 2.0)
    puppet-debugger (1.4.0)
      awesome_print (~> 1.7)
      bundler
      facterdb (>= 0.4.0)
      pluginator (~> 1.5.0)
      puppet (>= 6)
      rb-readline (>= 0.5.5)
      table_print (>= 1.0.0)
      tty-pager (~> 0.14)
    puppet-lint (2.5.2)
    puppet-module-posix-default-r2.7 (1.1.1)
    puppet-module-posix-dev-r2.7 (1.1.1)
      bcrypt_pbkdf (~> 1.0)
      codecov (~> 0.2)
      concurrent-ruby (!= 1.1.6)
      dependency_checker (~> 0.2)
      ed25519 (~> 1.2)
      facterdb (>= 0.8.1, < 2.0.0)
      metadata-json-lint (>= 2.0.2, < 4.0.0)
      mocha (>= 1.0.0, < 1.2.0)
      parallel_tests (~> 3.4)
      pry (~> 0.10)
      puppet-blacksmith (~> 6.0)
      puppet-debugger (~> 1.0)
      puppet-lint (>= 2.3.0, < 3.0.0)
      puppet-resource_api (~> 1.8)
      puppet-strings (~> 2.0)
      puppet-syntax (~> 3.0)
      puppetlabs_spec_helper (>= 2.9.0, < 4.0.0)
      rainbow (~> 2.0)
      rspec-puppet (>= 2.3.2, < 3.0.0)
      rspec-puppet-facts (>= 1.10.0, < 3)
      rspec_junit_formatter (~> 0.2)
      rubocop (= 1.6.1)
      rubocop-performance (= 1.9.1)
      rubocop-rspec (= 2.0.1)
      serverspec (~> 2.41)
      simplecov (< 0.19.0)
      simplecov-console (~> 0.4.2)
      specinfra (= 2.82.2)
    puppet-modulebuilder (0.3.0)
      minitar (~> 0.9)
      pathspec (>= 0.2.1, < 2.0.0)
    puppet-resource_api (1.9.0)
      hocon (>= 1.0)
    puppet-strings (2.9.0)
      rgen
      yard (~> 0.9.5)
    puppet-syntax (3.3.0)
      puppet (>= 5)
      rake
    puppet_forge (3.2.0)
      faraday (~> 1.3)
      faraday_middleware (~> 1.0)
      minitar
      semantic_puppet (~> 1.0)
    puppetlabs_spec_helper (3.0.0)
      mocha (~> 1.0)
      pathspec (>= 0.2.1, < 1.1.0)
      puppet-lint (~> 2.0)
      puppet-syntax (>= 2.0, < 4)
      rspec-puppet (~> 2.0)
    racc (1.8.0)
    rainbow (2.2.2)
      rake
    rake (13.2.1)
    rb-readline (0.5.5)
    regexp_parser (2.9.2)
    rest-client (2.1.0)
      http-accept (>= 1.7.0, < 2.0)
      http-cookie (>= 1.0.2, < 2.0)
      mime-types (>= 1.16, < 4.0)
      netrc (~> 0.8)
    rexml (3.2.8)
      strscan (>= 3.0.9)
    rgen (0.9.1)
    rspec (3.13.0)
      rspec-core (~> 3.13.0)
      rspec-expectations (~> 3.13.0)
      rspec-mocks (~> 3.13.0)
    rspec-core (3.13.0)
      rspec-support (~> 3.13.0)
    rspec-expectations (3.13.0)
      diff-lcs (>= 1.2.0, < 2.0)
      rspec-support (~> 3.13.0)
    rspec-its (1.3.0)
      rspec-core (>= 3.0.0)
      rspec-expectations (>= 3.0.0)
    rspec-mocks (3.13.1)
      diff-lcs (>= 1.2.0, < 2.0)
      rspec-support (~> 3.13.0)
    rspec-puppet (2.12.0)
      rspec
    rspec-puppet-facts (2.0.5)
      facter
      facterdb (>= 0.5.0)
      puppet
    rspec-puppet-utils (3.4.0)
      mocha
      puppet
      puppetlabs_spec_helper
      rspec
      rspec-puppet
    rspec-support (3.13.1)
    rspec_junit_formatter (0.6.0)
      rspec-core (>= 2, < 4, != 2.12.0)
    rsync (1.0.9)
    rubocop (1.6.1)
      parallel (~> 1.10)
      parser (>= 2.7.1.5)
      rainbow (>= 2.2.2, < 4.0)
      regexp_parser (>= 1.8, < 3.0)
      rexml
      rubocop-ast (>= 1.2.0, < 2.0)
      ruby-progressbar (~> 1.7)
      unicode-display_width (>= 1.4.0, < 2.0)
    rubocop-ast (1.31.3)
      parser (>= 3.3.1.0)
    rubocop-performance (1.9.1)
      rubocop (>= 0.90.0, < 2.0)
      rubocop-ast (>= 0.4.0)
    rubocop-rspec (2.0.1)
      rubocop (~> 1.0)
      rubocop-ast (>= 1.1.0)
    ruby-progressbar (1.13.0)
    ruby2_keywords (0.0.5)
    scanf (1.0.0)
    semantic_puppet (1.1.0)
    serverspec (2.42.3)
      multi_json
      rspec (~> 3.0)
      rspec-its
      specinfra (~> 2.72)
    sfl (2.3)
    simplecov (0.18.5)
      docile (~> 1.1)
      simplecov-html (~> 0.11)
    simplecov-console (0.4.2)
      ansi
      hirb
      simplecov
    simplecov-html (0.12.3)
    singleton (0.2.0)
    spdx-licenses (1.3.0)
    specinfra (2.82.2)
      net-scp
      net-ssh (>= 2.7)
      net-telnet (= 0.1.1)
      sfl
    strings (0.2.1)
      strings-ansi (~> 0.2)
      unicode-display_width (>= 1.5, < 3.0)
      unicode_utils (~> 1.4)
    strings-ansi (0.2.0)
    strscan (3.1.0)
    table_print (1.5.7)
    thor (1.2.2)
    tty-pager (0.14.0)
      strings (~> 0.2.0)
      tty-screen (~> 0.8)
    tty-screen (0.8.2)
    unicode-display_width (1.8.0)
    unicode_utils (1.4.0)
    yard (0.9.36)

PLATFORMS
  ruby

DEPENDENCIES
  faker
  fast_gettext
  librarian-puppet
  parallel_tests
  puppet (~> 7.26)
  puppet-module-posix-default-r2.7
  puppet-module-posix-dev-r2.7
  puppet-strings
  rake (>= 13.0.6)
  rspec-puppet-utils
  semantic_puppet
  yard (>= 0.9.36)

BUNDLED WITH
   2.1.4
